GEM
  remote: https://rubygems.org/
  specs:
    micro-optparse (1.2.0)
    net-scp (1.2.1)
      net-ssh (>= 2.6.5)
    net-ssh (2.9.2)
    terminal-notifier (1.6.2)

PLATFORMS
  ruby

DEPENDENCIES
  micro-optparse
  net-scp
  terminal-notifier
