GEM
  remote: https://rubygems.org/
  specs:
    metaclass (0.0.4)
    micro-optparse (1.2.0)
    minitest (5.5.1)
    mocha (1.1.0)
      metaclass (~> 0.0.1)
    net-scp (1.2.1)
      net-ssh (>= 2.6.5)
    net-ssh (2.9.2)
    terminal-notifier (1.6.2)

PLATFORMS
  ruby

DEPENDENCIES
  micro-optparse
  minitest
  mocha
  net-scp
  terminal-notifier
